PATH
  remote: .
  specs:
    kicker (0.1.0)
      nap
      nokogiri

GEM
  remote: http://rubygems.org/
  specs:
    json (1.6.5)
    metaclass (0.0.1)
    mocha (0.10.0)
      metaclass (~> 0.0.1)
    nap (0.4)
    nokogiri (1.5.0)
    rake (0.9.2.2)
    rdoc (3.12)
      json (~> 1.4)

PLATFORMS
  ruby

DEPENDENCIES
  kicker!
  mocha
  nap
  nokogiri
  rake
  rdoc
