PATH
  remote: .
  specs:
    kicker (0.1.0)
      nokogiri

GEM
  remote: http://rubygems.org/
  specs:
    json (1.6.5)
    nokogiri (1.5.0)
    rake (0.9.2.2)
    rdoc (3.12)
      json (~> 1.4)

PLATFORMS
  ruby

DEPENDENCIES
  kicker!
  nokogiri
  rake
  rdoc
