PATH
  remote: .
  specs:
    supreme (0.2.0)
      nap

GEM
  remote: http://rubygems.org/
  specs:
    fakeweb (1.3.0)
    json (1.6.5)
    metaclass (0.0.1)
    mocha (0.10.0)
      metaclass (~> 0.0.1)
    nap (0.4)
    rake (0.9.2.2)
    rdoc (3.12)
      json (~> 1.4)

PLATFORMS
  ruby

DEPENDENCIES
  fakeweb
  mocha
  rake
  rdoc
  supreme!
